GEM
  remote: https://rubygems.org/
  specs:
    json (1.8.3)
    pg (0.18.4)
    rack (1.6.4)
    rack-protection (1.5.3)
      rack
    sequel (4.28.0)
    sinatra (1.4.7)
      rack (~> 1.5)
      rack-protection (~> 1.4)
      tilt (>= 1.3, < 3)
    sinatra-cross_origin (0.3.2)
    sqlite3 (1.3.11)
    tilt (2.0.3)

PLATFORMS
  ruby

DEPENDENCIES
  json
  pg
  sequel
  sinatra
  sinatra-cross_origin
  sqlite3

BUNDLED WITH
   1.11.2
